GEM
  remote: https://rubygems.org/
  specs:
    builder (3.2.2)
    diff-lcs (1.2.5)
    encase (0.1.2)
    mini_portile (0.5.2)
    nokogiri (1.6.1)
      mini_portile (~> 0.5.0)
    rake (10.2.2)
    riml (0.4.0)
    rspec-core (2.14.8)
    rspec-expectations (2.14.5)
      diff-lcs (>= 1.1.3, < 2.0)
    rspec-mocks (2.14.6)
    sax-machine (0.2.1)
      nokogiri (~> 1.6.0)
    speckle (0.1.31)
      bundler (~> 1.6)
      rake (~> 10.2.2)
      riml (~> 0.4.0)

PLATFORMS
  ruby

DEPENDENCIES
  builder (~> 3.2.2)
  encase (~> 0.1.2)
  nokogiri (~> 1.6.1)
  rake (~> 10.2.2)
  riml (~> 0.4.0)
  rspec-core (~> 2.14.8)
  rspec-expectations (~> 2.14.5)
  rspec-mocks (~> 2.14.6)
  sax-machine (~> 0.2.1)
  speckle (~> 0.1.31)
